GEM
  remote: http://rubygems.org/
  specs:
    SystemTimer (1.2.3)
    bson (1.3.1)
    bson_ext (1.3.1)
    diff-lcs (1.1.3)
    let (0.1.3)
    mime-types (1.16)
    mongo (1.3.1)
      bson (>= 1.3.1)
    multi_json (1.0.3)
    rest-client (1.6.7)
      mime-types (>= 1.16)
    rspec (2.6.0)
      rspec-core (~> 2.6.0)
      rspec-expectations (~> 2.6.0)
      rspec-mocks (~> 2.6.0)
    rspec-core (2.6.4)
    rspec-expectations (2.6.0)
      diff-lcs (~> 1.1.2)
    rspec-mocks (2.6.0)

PLATFORMS
  ruby

DEPENDENCIES
  SystemTimer
  bson_ext
  let
  mongo
  multi_json
  rest-client
  rspec
